STORAGE: NONE
RESTRICTION: || (== net50) (== netstandard2.0) (== netstandard2.1)
NUGET
  remote: https://api.nuget.org/v3/index.json
    Azure.Core (1.16) - restriction: || (== net50) (&& (== netstandard2.0) (>= netstandard2.1)) (== netstandard2.1)
      Microsoft.Bcl.AsyncInterfaces (>= 1.0)
      System.Buffers (>= 4.5.1)
      System.Diagnostics.DiagnosticSource (>= 4.6)
      System.Memory (>= 4.5.4)
      System.Memory.Data (>= 1.0.2)
      System.Numerics.Vectors (>= 4.5)
      System.Text.Encodings.Web (>= 4.7.2)
      System.Text.Json (>= 4.6)
      System.Threading.Tasks.Extensions (>= 4.5.2)
    Equinox (3.0.1) - restriction: || (== net50) (&& (== netstandard2.0) (>= netstandard2.1)) (== netstandard2.1)
      FSharp.Core (>= 4.3.4)
      Serilog (>= 2.7.1)
    Equinox.Core (3.0.1) - restriction: || (== net50) (&& (== netstandard2.0) (>= netstandard2.1)) (== netstandard2.1)
      Equinox (>= 3.0.1)
      FSharp.Core (>= 4.3.4)
      System.Runtime.Caching (>= 4.5)
    Equinox.CosmosStore (3.0.1)
      Equinox.Core (>= 3.0.1) - restriction: || (== net50) (&& (== netstandard2.0) (>= netstandard2.1)) (== netstandard2.1)
      FsCodec.NewtonsoftJson (>= 2.0) - restriction: || (== net50) (&& (== netstandard2.0) (>= netstandard2.1)) (== netstandard2.1)
      FSharp.Control.AsyncSeq (>= 2.0.23) - restriction: || (== net50) (&& (== netstandard2.0) (>= netstandard2.1)) (== netstandard2.1)
      FSharp.Core (>= 4.3.4) - restriction: || (== net50) (&& (== netstandard2.0) (>= netstandard2.1)) (== netstandard2.1)
      Microsoft.Azure.Cosmos (>= 3.17) - restriction: || (== net50) (&& (== netstandard2.0) (>= netstandard2.1)) (== netstandard2.1)
      Microsoft.Bcl.AsyncInterfaces (>= 1.1) - restriction: || (== net50) (&& (== netstandard2.0) (>= netstandard2.1)) (== netstandard2.1)
      System.Runtime.Caching (>= 4.5) - restriction: || (== net50) (&& (== netstandard2.0) (>= netstandard2.1)) (== netstandard2.1)
    FsCodec (2.0) - restriction: || (== net50) (&& (== netstandard2.0) (>= netstandard2.1)) (== netstandard2.1)
      FSharp.Core (>= 4.3.4)
      FSharp.UMX (>= 1.0)
    FsCodec.NewtonsoftJson (2.0) - restriction: || (== net50) (&& (== netstandard2.0) (>= netstandard2.1)) (== netstandard2.1)
      FsCodec (>= 2.0)
      FSharp.Core (>= 4.3.4)
      Microsoft.IO.RecyclableMemoryStream (>= 1.2.2)
      Newtonsoft.Json (>= 11.0.2)
      System.Buffers (>= 4.5)
      TypeShape (>= 8.0)
    FSharp.Control.AsyncSeq (3.0.3) - restriction: || (== net50) (&& (== netstandard2.0) (>= netstandard2.1)) (== netstandard2.1)
      FSharp.Core (>= 4.3.2) - restriction: || (== net50) (&& (== netstandard2.0) (>= netstandard2.1)) (== netstandard2.1)
    FSharp.Core (5.0.2) - restriction: || (== net50) (&& (== netstandard2.0) (>= netstandard2.1)) (== netstandard2.1)
    FSharp.UMX (1.0) - restriction: || (== net50) (&& (== netstandard2.0) (>= netstandard2.1)) (== netstandard2.1)
      FSharp.Core (>= 4.3.4)
    MathNet.Numerics (4.15) - restriction: || (== net50) (&& (== netstandard2.0) (>= netstandard2.1)) (== netstandard2.1)
    Microsoft.Azure.Cosmos (3.20.1) - restriction: || (== net50) (&& (== netstandard2.0) (>= netstandard2.1)) (== netstandard2.1)
      Azure.Core (>= 1.3)
      Microsoft.Bcl.AsyncInterfaces (>= 1.0)
      Microsoft.Bcl.HashCode (>= 1.1)
      Newtonsoft.Json (>= 10.0.2)
      System.Buffers (>= 4.5.1)
      System.Collections.Immutable (>= 1.7)
      System.Configuration.ConfigurationManager (>= 4.5)
      System.Memory (>= 4.5.4)
      System.Numerics.Vectors (>= 4.5)
      System.Runtime.CompilerServices.Unsafe (>= 4.5.3)
      System.Threading.Tasks.Extensions (>= 4.5.4)
      System.ValueTuple (>= 4.5)
    Microsoft.Bcl.AsyncInterfaces (5.0) - restriction: || (== net50) (&& (== netstandard2.0) (>= netstandard2.1)) (== netstandard2.1)
    Microsoft.Bcl.HashCode (1.1.1) - restriction: || (== net50) (&& (== netstandard2.0) (>= netstandard2.1)) (== netstandard2.1)
    Microsoft.IO.RecyclableMemoryStream (2.1.2) - restriction: || (== net50) (&& (== netstandard2.0) (>= netstandard2.1)) (== netstandard2.1)
    Microsoft.NETCore.Platforms (5.0.2) - restriction: || (== net50) (&& (== netstandard2.0) (>= netcoreapp2.0) (>= netstandard2.1)) (&& (== netstandard2.1) (>= netcoreapp2.0))
    Microsoft.Win32.SystemEvents (5.0) - restriction: || (== net50) (&& (== netstandard2.0) (>= netcoreapp3.0)) (&& (== netstandard2.1) (>= netcoreapp3.0))
      Microsoft.NETCore.Platforms (>= 5.0) - restriction: || (== net50) (&& (== netstandard2.0) (>= netcoreapp2.0)) (&& (== netstandard2.1) (>= netcoreapp2.0))
    Newtonsoft.Json (13.0.1) - restriction: || (== net50) (&& (== netstandard2.0) (>= netstandard2.1)) (== netstandard2.1)
    prometheus-net (4.2) - restriction: || (== net50) (&& (== netstandard2.0) (>= netstandard2.1)) (== netstandard2.1)
    Propulsion (2.11.0-rc2) - restriction: || (== net50) (&& (== netstandard2.0) (>= netstandard2.1)) (== netstandard2.1)
      FsCodec (>= 2.0)
      FSharp.Core (>= 4.3.4)
      MathNet.Numerics (>= 4.7)
      prometheus-net (>= 3.6)
      Serilog (>= 2.7.1)
      System.ValueTuple (>= 4.5)
    Propulsion.CosmosStore (2.11.0-rc2)
      Equinox.CosmosStore (>= 3.0.1) - restriction: || (== net50) (&& (== netstandard2.0) (>= netstandard2.1)) (== netstandard2.1)
      FSharp.Core (>= 4.3.4) - restriction: || (== net50) (&& (== netstandard2.0) (>= netstandard2.1)) (== netstandard2.1)
      Microsoft.Azure.Cosmos (>= 3.20.0-preview) - restriction: || (== net50) (&& (== netstandard2.0) (>= netstandard2.1)) (== netstandard2.1)
      Propulsion (>= 2.11.0-rc2) - restriction: || (== net50) (&& (== netstandard2.0) (>= netstandard2.1)) (== netstandard2.1)
      System.ValueTuple (>= 4.5) - restriction: || (== net50) (&& (== netstandard2.0) (>= netstandard2.1)) (== netstandard2.1)
    Serilog (2.10)
    Serilog.Sinks.Console (4.0)
      Serilog (>= 2.10)
    System.Buffers (4.5.1) - restriction: || (== net50) (&& (== netstandard2.0) (>= netstandard2.1)) (== netstandard2.1)
    System.Collections.Immutable (5.0) - restriction: || (== net50) (&& (== netstandard2.0) (>= netstandard2.1)) (== netstandard2.1)
      System.Memory (>= 4.5.4) - restriction: || (&& (== net50) (>= net461)) (&& (== net50) (< netcoreapp2.1)) (&& (== net50) (< netstandard2.0)) (&& (== net50) (>= uap10.1)) (== netstandard2.0) (== netstandard2.1)
    System.Configuration.ConfigurationManager (5.0) - restriction: || (== net50) (&& (== netstandard2.0) (>= netstandard2.1)) (== netstandard2.1)
      System.Security.Cryptography.ProtectedData (>= 5.0)
      System.Security.Permissions (>= 5.0)
    System.Diagnostics.DiagnosticSource (5.0.1) - restriction: || (== net50) (&& (== netstandard2.0) (>= netstandard2.1)) (== netstandard2.1)
      System.Memory (>= 4.5.4) - restriction: || (&& (== net50) (>= net45) (< netstandard1.3)) (&& (== net50) (>= net46)) (&& (== net50) (< netcoreapp2.1)) (&& (== net50) (< netstandard2.0)) (&& (== net50) (>= uap10.1)) (== netstandard2.0) (== netstandard2.1)
      System.Runtime.CompilerServices.Unsafe (>= 5.0) - restriction: || (&& (== net50) (>= monotouch)) (&& (== net50) (>= net45) (< netstandard1.3)) (&& (== net50) (>= net46)) (&& (== net50) (< netcoreapp2.1)) (&& (== net50) (< netcoreapp3.0)) (&& (== net50) (< netstandard2.0)) (&& (== net50) (>= uap10.1)) (== netstandard2.0) (== netstandard2.1)
    System.Drawing.Common (5.0.2) - restriction: || (== net50) (&& (== netstandard2.0) (>= netcoreapp3.0)) (&& (== netstandard2.1) (>= netcoreapp3.0))
      Microsoft.Win32.SystemEvents (>= 5.0) - restriction: || (== net50) (&& (== netstandard2.0) (>= netcoreapp2.0)) (&& (== netstandard2.0) (>= netcoreapp3.0)) (&& (== netstandard2.1) (>= netcoreapp2.0)) (&& (== netstandard2.1) (>= netcoreapp3.0))
    System.Memory (4.5.4) - restriction: || (== net50) (&& (== netstandard2.0) (>= netstandard2.1)) (== netstandard2.1)
      System.Buffers (>= 4.5.1) - restriction: || (&& (== net50) (>= monotouch)) (&& (== net50) (>= net461)) (&& (== net50) (< netcoreapp2.0)) (&& (== net50) (< netstandard1.1)) (&& (== net50) (< netstandard2.0)) (&& (== net50) (>= xamarinios)) (&& (== net50) (>= xamarinmac)) (&& (== net50) (>= xamarintvos)) (&& (== net50) (>= xamarinwatchos)) (== netstandard2.0) (== netstandard2.1)
      System.Numerics.Vectors (>= 4.4) - restriction: || (&& (== net50) (< netcoreapp2.0)) (== netstandard2.0) (== netstandard2.1)
      System.Runtime.CompilerServices.Unsafe (>= 4.5.3) - restriction: || (&& (== net50) (>= monotouch)) (&& (== net50) (>= net461)) (&& (== net50) (< netcoreapp2.0)) (&& (== net50) (< netcoreapp2.1)) (&& (== net50) (< netstandard1.1)) (&& (== net50) (< netstandard2.0)) (&& (== net50) (>= uap10.1)) (&& (== net50) (>= xamarinios)) (&& (== net50) (>= xamarinmac)) (&& (== net50) (>= xamarintvos)) (&& (== net50) (>= xamarinwatchos)) (== netstandard2.0) (== netstandard2.1)
    System.Memory.Data (1.0.2) - restriction: || (== net50) (&& (== netstandard2.0) (>= netstandard2.1)) (== netstandard2.1)
      System.Text.Encodings.Web (>= 4.7.2)
      System.Text.Json (>= 4.6)
    System.Numerics.Vectors (4.5) - restriction: || (== net50) (&& (== netstandard2.0) (>= netstandard2.1)) (== netstandard2.1)
    System.Runtime.Caching (5.0) - restriction: || (== net50) (&& (== netstandard2.0) (>= netstandard2.1)) (== netstandard2.1)
      System.Configuration.ConfigurationManager (>= 5.0)
    System.Runtime.CompilerServices.Unsafe (5.0) - restriction: || (== net50) (&& (== netstandard2.0) (>= netstandard2.1)) (== netstandard2.1)
    System.Security.AccessControl (5.0) - restriction: || (== net50) (&& (== netstandard2.0) (>= netstandard2.1)) (== netstandard2.1)
      Microsoft.NETCore.Platforms (>= 5.0) - restriction: || (== net50) (&& (== netstandard2.0) (>= netcoreapp2.0)) (&& (== netstandard2.1) (>= netcoreapp2.0))
      System.Security.Principal.Windows (>= 5.0)
    System.Security.Cryptography.ProtectedData (5.0) - restriction: || (== net50) (&& (== netstandard2.0) (>= netstandard2.1)) (== netstandard2.1)
      System.Memory (>= 4.5.4) - restriction: || (&& (== net50) (< netcoreapp2.1)) (== netstandard2.0) (== netstandard2.1)
    System.Security.Permissions (5.0) - restriction: || (== net50) (&& (== netstandard2.0) (>= netstandard2.1)) (== netstandard2.1)
      System.Security.AccessControl (>= 5.0)
      System.Windows.Extensions (>= 5.0) - restriction: || (== net50) (&& (== netstandard2.0) (>= netcoreapp3.0)) (&& (== netstandard2.1) (>= netcoreapp3.0))
    System.Security.Principal.Windows (5.0) - restriction: || (== net50) (&& (== netstandard2.0) (>= netstandard2.1)) (== netstandard2.1)
    System.Text.Encodings.Web (5.0.1) - restriction: || (== net50) (&& (== netstandard2.0) (>= netcoreapp3.0)) (&& (== netstandard2.0) (>= netstandard2.1)) (== netstandard2.1)
    System.Text.Json (5.0.2) - restriction: || (== net50) (&& (== netstandard2.0) (>= netstandard2.1)) (== netstandard2.1)
      Microsoft.Bcl.AsyncInterfaces (>= 5.0) - restriction: || (&& (== net50) (>= monotouch)) (&& (== net50) (>= net461)) (&& (== net50) (< netcoreapp2.0)) (&& (== net50) (< netcoreapp2.1)) (&& (== net50) (< netcoreapp3.0)) (&& (== net50) (< netstandard2.0) (>= xamarintvos)) (&& (== net50) (< netstandard2.0) (>= xamarinwatchos)) (&& (== net50) (>= uap10.1)) (== netstandard2.0) (== netstandard2.1)
      System.Buffers (>= 4.5.1) - restriction: || (&& (== net50) (>= monotouch)) (&& (== net50) (>= net461)) (&& (== net50) (< netcoreapp2.0)) (&& (== net50) (< netstandard2.0) (>= xamarintvos)) (&& (== net50) (< netstandard2.0) (>= xamarinwatchos)) (== netstandard2.0) (== netstandard2.1)
      System.Memory (>= 4.5.4) - restriction: || (&& (== net50) (>= net461)) (&& (== net50) (< netcoreapp2.0)) (&& (== net50) (< netcoreapp2.1)) (&& (== net50) (>= uap10.1)) (== netstandard2.0) (== netstandard2.1)
      System.Numerics.Vectors (>= 4.5) - restriction: || (&& (== net50) (>= net461)) (&& (== net50) (< netcoreapp2.0)) (== netstandard2.0) (== netstandard2.1)
      System.Runtime.CompilerServices.Unsafe (>= 5.0) - restriction: || (&& (== net50) (>= monotouch)) (&& (== net50) (>= net461)) (&& (== net50) (< netcoreapp2.0)) (&& (== net50) (< netcoreapp2.1)) (&& (== net50) (< netcoreapp3.0)) (&& (== net50) (< netstandard2.0) (>= xamarintvos)) (&& (== net50) (< netstandard2.0) (>= xamarinwatchos)) (&& (== net50) (>= uap10.1)) (== netstandard2.0) (== netstandard2.1)
      System.Text.Encodings.Web (>= 5.0.1) - restriction: || (&& (== net50) (>= monotouch)) (&& (== net50) (>= net461)) (&& (== net50) (< netcoreapp2.0)) (&& (== net50) (< netcoreapp2.1)) (&& (== net50) (< netcoreapp3.0)) (&& (== net50) (< netstandard2.0) (>= xamarintvos)) (&& (== net50) (< netstandard2.0) (>= xamarinwatchos)) (&& (== net50) (>= uap10.1)) (== netstandard2.0) (== netstandard2.1)
      System.Threading.Tasks.Extensions (>= 4.5.4) - restriction: || (&& (== net50) (>= net461)) (&& (== net50) (< netcoreapp2.0)) (&& (== net50) (< netcoreapp2.1)) (&& (== net50) (>= uap10.1)) (== netstandard2.0) (== netstandard2.1)
    System.Threading.Tasks.Extensions (4.5.4) - restriction: || (== net50) (&& (== netstandard2.0) (>= netstandard2.1)) (== netstandard2.1)
      System.Runtime.CompilerServices.Unsafe (>= 4.5.3) - restriction: || (&& (== net50) (>= net461)) (&& (== net50) (< netcoreapp2.1)) (&& (== net50) (< netstandard1.0)) (&& (== net50) (< netstandard2.0)) (&& (== net50) (>= wp8)) (== netstandard2.0) (== netstandard2.1)
    System.ValueTuple (4.5) - restriction: || (== net50) (&& (== netstandard2.0) (>= netstandard2.1)) (== netstandard2.1)
    System.Windows.Extensions (5.0) - restriction: || (== net50) (&& (== netstandard2.0) (>= netcoreapp3.0)) (&& (== netstandard2.1) (>= netcoreapp3.0))
      System.Drawing.Common (>= 5.0) - restriction: || (== net50) (&& (== netstandard2.0) (>= netcoreapp3.0)) (&& (== netstandard2.1) (>= netcoreapp3.0))
    TypeShape (9.0) - restriction: || (== net50) (&& (== netstandard2.0) (>= netstandard2.1)) (== netstandard2.1)
      FSharp.Core (>= 4.3.2)
